GIT
  remote: git://github.com/josevalim/inherited_resources.git
  revision: ff1c991307ff78cce98882b6986aeabbbcfd70c4
  branch: rails-4-2
  specs:
    inherited_resources (1.5.1)
      actionpack (>= 3.2, < 5)
      has_scope (~> 0.6.0.rc)
      railties (>= 3.2, < 5)
      responders

PATH
  remote: vendor/gems/beacon_control-analytics_extension
  specs:
    beacon_control-analytics_extension (0.0.1)

PATH
  remote: vendor/gems/beacon_control-backend_request_extension
  specs:
    beacon_control-backend_request_extension (1.0.0)

PATH
  remote: vendor/gems/beacon_control-base
  specs:
    beacon_control-base (0.0.1)
      activesupport

PATH
  remote: vendor/gems/beacon_control-dwell_time_extension
  specs:
    beacon_control-dwell_time_extension (0.0.1)

PATH
  remote: vendor/gems/beacon_control-kontakt_io_extension
  specs:
    beacon_control-kontakt_io_extension (0.0.1)
      sprockets (>= 3.0.0)
      sprockets-es6 (= 0.7.0)
      virtus

PATH
  remote: vendor/gems/beacon_control-neighbours_extension
  specs:
    beacon_control-neighbours_extension (0.1.1)
      sprockets (>= 3.0.0)
      sprockets-es6 (= 0.7.0)

PATH
  remote: vendor/gems/beacon_control-presence_extension
  specs:
    beacon_control-presence_extension (0.0.1)

GEM
  remote: https://rubygems.org/
  specs:
    actionmailer (4.2.0)
      actionpack (= 4.2.0)
      actionview (= 4.2.0)
      activejob (= 4.2.0)
      mail (~> 2.5, >= 2.5.4)
      rails-dom-testing (~> 1.0, >= 1.0.5)
    actionpack (4.2.0)
      actionview (= 4.2.0)
      activesupport (= 4.2.0)
      rack (~> 1.6.0)
      rack-test (~> 0.6.2)
      rails-dom-testing (~> 1.0, >= 1.0.5)
      rails-html-sanitizer (~> 1.0, >= 1.0.1)
    actionview (4.2.0)
      activesupport (= 4.2.0)
      builder (~> 3.1)
      erubis (~> 2.7.0)
      rails-dom-testing (~> 1.0, >= 1.0.5)
      rails-html-sanitizer (~> 1.0, >= 1.0.1)
    active_link_to (1.0.2)
      actionpack
    active_model_serializers (0.9.1)
      activemodel (>= 3.2)
    activejob (4.2.0)
      activesupport (= 4.2.0)
      globalid (>= 0.3.0)
    activemodel (4.2.0)
      activesupport (= 4.2.0)
      builder (~> 3.1)
    activerecord (4.2.0)
      activemodel (= 4.2.0)
      activesupport (= 4.2.0)
      arel (~> 6.0)
    activesupport (4.2.0)
      i18n (~> 0.7)
      json (~> 1.7, >= 1.7.7)
      minitest (~> 5.1)
      thread_safe (~> 0.3, >= 0.3.4)
      tzinfo (~> 1.1)
    addressable (2.3.6)
    ansi (1.5.0)
    arel (6.0.2)
    axiom-types (0.1.1)
      descendants_tracker (~> 0.0.4)
      ice_nine (~> 0.11.0)
      thread_safe (~> 0.3, >= 0.3.1)
    babel-source (5.8.26)
    babel-transpiler (0.7.0)
      babel-source (>= 4.0, < 6)
      execjs (~> 2.0)
    barby (0.6.2)
    bcrypt (3.1.9)
    binding_of_caller (0.7.2)
      debug_inspector (>= 0.0.1)
    bootstrap-slider-rails (1.9.0)
      railties (>= 3.2, < 5.0)
    builder (3.2.2)
    cancancan (1.10.1)
    capybara (2.4.4)
      mime-types (>= 1.16)
      nokogiri (>= 1.3.3)
      rack (>= 1.0.0)
      rack-test (>= 0.5.4)
      xpath (~> 2.0)
    carrierwave (0.10.0)
      activemodel (>= 3.2.0)
      activesupport (>= 3.2.0)
      json (>= 1.7)
      mime-types (>= 1.16)
    celluloid (0.16.0)
      timers (~> 4.0.0)
    coderay (1.1.0)
    coercible (1.0.0)
      descendants_tracker (~> 0.0.1)
    coffee-rails (4.1.0)
      coffee-script (>= 2.2.0)
      railties (>= 4.0.0, < 5.0)
    coffee-script (2.3.0)
      coffee-script-source
      execjs
    coffee-script-source (1.8.0)
    commonjs (0.2.7)
    composite_primary_keys (8.1.0)
      activerecord (~> 4.2.0)
    connection_pool (2.1.1)
    css_parser (1.3.6)
      addressable
    database_cleaner (1.4.0)
    debug_inspector (0.0.2)
    deep_merge (1.0.1)
    descendants_tracker (0.0.4)
      thread_safe (~> 0.3, >= 0.3.1)
    devise (3.4.1)
      bcrypt (~> 3.0)
      orm_adapter (~> 0.1)
      railties (>= 3.2.6, < 5)
      responders
      thread_safe (~> 0.1)
      warden (~> 1.2.3)
    devise_security_extension (0.9.2)
      devise (>= 2.0.0)
      rails (>= 3.1.1)
    diff-lcs (1.2.5)
    doorkeeper (2.2.0)
      railties (>= 3.2)
    dotenv (0.11.1)
      dotenv-deployment (~> 0.0.2)
    dotenv-deployment (0.0.2)
    draper (2.0.0)
      actionpack (>= 3.0)
      activemodel (>= 3.0)
      activesupport (>= 3.0)
      request_store (~> 1.0)
    enumerize (0.8.0)
      activesupport (>= 3.2)
    equalizer (0.0.9)
    erubis (2.7.0)
    execjs (2.6.0)
    factory_girl (4.4.0)
      activesupport (>= 3.0.0)
    factory_girl_rails (4.4.1)
      factory_girl (~> 4.4.0)
      railties (>= 3.0.0)
    faraday (0.9.1)
      multipart-post (>= 1.2, < 3)
    font-awesome-rails (4.2.0.0)
      railties (>= 3.2, < 5.0)
    foreman (0.74.0)
      dotenv (~> 0.11.1)
      thor (~> 0.19.1)
    gibbon (2.1.0)
      faraday (>= 0.9.1)
      multi_json (>= 1.11.0)
    globalid (0.3.5)
      activesupport (>= 4.1.0)
    handlebars_assets (0.18)
      execjs (>= 1.2.9)
      multi_json
      sprockets (>= 2.0.3)
      tilt
    has_scope (0.6.0.rc)
      actionpack (>= 3.2, < 5)
      activesupport (>= 3.2, < 5)
    hitimes (1.2.2)
    htmlentities (4.3.3)
    i18n (0.7.0)
    ice_nine (0.11.1)
    jbuilder (2.2.6)
      activesupport (>= 3.0.0, < 5)
      multi_json (~> 1.2)
    jquery-rails (4.0.3)
      rails-dom-testing (~> 1.0)
      railties (>= 4.2.0)
      thor (>= 0.14, < 2.0)
    json (1.8.3)
    launchy (2.4.3)
      addressable (~> 2.3)
    less (2.6.0)
      commonjs (~> 0.2.7)
    less-rails (2.7.0)
      actionpack (>= 4.0)
      less (~> 2.6.0)
      sprockets (> 2, < 4)
      tilt
    less-rails-bootstrap (3.3.4.0)
      less-rails (>= 2.6, <= 2.8)
    letter_opener (1.2.0)
      launchy (~> 2.2)
    libv8 (3.16.14.13)
    loofah (2.0.3)
      nokogiri (>= 1.5.9)
    mail (2.6.3)
      mime-types (>= 1.16, < 3)
    method_source (0.8.2)
    mime-types (2.6.1)
    mini_portile (0.6.2)
    minitest (5.8.2)
    moneta (0.8.0)
    multi_json (1.11.2)
    multipart-post (2.0.0)
    naught (1.0.0)
    nested_form (0.3.2)
    net-http-persistent (2.9.4)
    nokogiri (1.6.6.3)
      mini_portile (~> 0.6.0)
    orm_adapter (0.5.0)
    pg (0.18.4)
    premailer (1.8.4)
      css_parser (>= 1.3.6)
      htmlentities (>= 4.0.0)
    premailer-rails (1.8.2)
      actionmailer (>= 3, < 5)
      premailer (~> 1.7, >= 1.7.9)
    pry (0.10.1)
      coderay (~> 1.1.0)
      method_source (~> 0.8.1)
      slop (~> 3.4)
    pry-nav (0.2.4)
      pry (>= 0.9.10, < 0.11.0)
    pry-rails (0.3.2)
      pry (>= 0.9.10)
    quiet_assets (1.1.0)
      railties (>= 3.1, < 5.0)
    rack (1.6.4)
    rack-cors (0.4.0)
    rack-protection (1.5.3)
      rack
    rack-test (0.6.3)
      rack (>= 1.0)
    rails (4.2.0)
      actionmailer (= 4.2.0)
      actionpack (= 4.2.0)
      actionview (= 4.2.0)
      activejob (= 4.2.0)
      activemodel (= 4.2.0)
      activerecord (= 4.2.0)
      activesupport (= 4.2.0)
      bundler (>= 1.3.0, < 2.0)
      railties (= 4.2.0)
      sprockets-rails
    rails-deprecated_sanitizer (1.0.3)
      activesupport (>= 4.2.0.alpha)
    rails-dom-testing (1.0.7)
      activesupport (>= 4.2.0.beta, < 5.0)
      nokogiri (~> 1.6.0)
      rails-deprecated_sanitizer (>= 1.0.1)
    rails-html-sanitizer (1.0.2)
      loofah (~> 2.0)
    railties (4.2.0)
      actionpack (= 4.2.0)
      activesupport (= 4.2.0)
      rake (>= 0.8.7)
      thor (>= 0.18.1, < 2.0)
    rake (10.4.2)
    rdoc (4.2.0)
      json (~> 1.4)
    redis (3.2.1)
    redis-namespace (1.5.1)
      redis (~> 3.0, >= 3.0.4)
    ref (1.0.5)
    request_store (1.1.0)
    responders (2.0.2)
      railties (>= 4.2.0.alpha, < 5)
    rpush (2.4.0)
      activesupport
      ansi
      multi_json (~> 1.0)
      net-http-persistent
      railties
      thor (>= 0.18.1, < 2.0)
    rqrcode (0.4.2)
    rspec (3.0.0)
      rspec-core (~> 3.0.0)
      rspec-expectations (~> 3.0.0)
      rspec-mocks (~> 3.0.0)
    rspec-core (3.0.4)
      rspec-support (~> 3.0.0)
    rspec-expectations (3.0.4)
      diff-lcs (>= 1.2.0, < 2.0)
      rspec-support (~> 3.0.0)
    rspec-mocks (3.0.4)
      rspec-support (~> 3.0.0)
    rspec-rails (3.0.2)
      actionpack (>= 3.0)
      activesupport (>= 3.0)
      railties (>= 3.0)
      rspec-core (~> 3.0.0)
      rspec-expectations (~> 3.0.0)
      rspec-mocks (~> 3.0.0)
      rspec-support (~> 3.0.0)
    rspec-support (3.0.4)
    sdoc (0.4.1)
      json (~> 1.7, >= 1.7.7)
      rdoc (~> 4.0)
    sidekiq (3.3.0)
      celluloid (>= 0.16.0)
      connection_pool (>= 2.0.0)
      json
      redis (>= 3.0.6)
      redis-namespace (>= 1.3.1)
    sidekiq-status (0.5.1)
      sidekiq (>= 2.7, < 3.4)
    simple_form (3.1.0)
      actionpack (~> 4.0)
      activemodel (~> 4.0)
    sinatra (1.4.6)
      rack (~> 1.4)
      rack-protection (~> 1.4)
      tilt (>= 1.3, < 3)
    slop (3.6.0)
    spring (1.2.0)
    sprockets (3.4.0)
      rack (> 1, < 3)
    sprockets-es6 (0.7.0)
      babel-transpiler
      sprockets (>= 3.0.0)
    sprockets-rails (2.3.2)
      actionpack (>= 3.0)
      activesupport (>= 3.0)
      sprockets (>= 2.8, < 4.0)
    therubyracer (0.12.1)
      libv8 (~> 3.16.14.0)
      ref
    thor (0.19.1)
    thread_safe (0.3.5)
    tilt (2.0.1)
    timecop (0.7.1)
    timers (4.0.1)
      hitimes
    turbolinks (2.5.3)
      coffee-rails
    tzinfo (1.2.2)
      thread_safe (~> 0.1)
    uglifier (2.7.0)
      execjs (>= 0.3.0)
      json (>= 1.8.0)
    virtus (1.0.4)
      axiom-types (~> 0.1)
      coercible (~> 1.0)
      descendants_tracker (~> 0.0, >= 0.0.3)
      equalizer (~> 0.0, >= 0.0.9)
    warden (1.2.3)
      rack (>= 1.0)
    web-console (2.0.0)
      activemodel (~> 4.0)
      binding_of_caller (>= 0.7.2)
      railties (~> 4.0)
      sprockets-rails (>= 2.0, < 4.0)
    xpath (2.0.0)
      nokogiri (~> 1.3)

PLATFORMS
  ruby

DEPENDENCIES
  active_link_to
  active_model_serializers (= 0.9.1)
  barby
  beacon_control-analytics_extension!
  beacon_control-backend_request_extension!
  beacon_control-base!
  beacon_control-dwell_time_extension!
  beacon_control-kontakt_io_extension!
  beacon_control-neighbours_extension!
  beacon_control-presence_extension!
  bootstrap-slider-rails
  cancancan
  capybara
  carrierwave
  coffee-rails (~> 4.1.0)
  composite_primary_keys
  database_cleaner
  deep_merge
  devise
  devise_security_extension
  doorkeeper (~> 2.2.0)
  draper (~> 2.0.0)
  enumerize (~> 0.8.0)
  factory_girl_rails (~> 4.4.1)
  faraday (~> 0.9.0)
  font-awesome-rails
  foreman
  gibbon
  handlebars_assets
  has_scope
  inherited_resources!
  jbuilder (~> 2.0)
  jquery-rails
  less
  less-rails
  less-rails-bootstrap
  letter_opener
  moneta
  naught
  nested_form
  pg
  premailer-rails
  pry
  pry-nav
  pry-rails
  quiet_assets
  rack-cors
  rails (= 4.2.0)
  responders
  rpush (~> 2.4.0)
  rqrcode
  rspec (~> 3.0.0)
  rspec-rails (~> 3.0.0)
  sdoc (~> 0.4.0)
  sidekiq
  sidekiq-status
  simple_form
  sinatra
  spring
  sprockets (>= 3.0.0)
  sprockets-es6 (= 0.7.0)
  therubyracer
  timecop (~> 0.7.1)
  turbolinks
  uglifier (>= 1.3.0)
  virtus
  web-console (~> 2.0)
